GEM
  remote: https://rubygems.org/
  specs:
    iso_country_codes (0.7.8)
    json (2.1.0)

PLATFORMS
  ruby
  x64-mingw32

DEPENDENCIES
  iso_country_codes
  json

BUNDLED WITH
   1.16.2
